PATH
  remote: .
  specs:
    hamster-matrix (0.1.0)
      hamster (~> 1.0, >= 1.0.0)

GEM
  remote: https://rubygems.org/
  specs:
    atomic (1.1.99)
    diff-lcs (1.2.5)
    hamster (1.0.0)
      atomic (~> 1.1)
    rake (10.4.2)
    rspec (3.3.0)
      rspec-core (~> 3.3.0)
      rspec-expectations (~> 3.3.0)
      rspec-mocks (~> 3.3.0)
    rspec-core (3.3.2)
      rspec-support (~> 3.3.0)
    rspec-expectations (3.3.1)
      diff-lcs (>= 1.2.0, < 2.0)
      rspec-support (~> 3.3.0)
    rspec-mocks (3.3.2)
      diff-lcs (>= 1.2.0, < 2.0)
      rspec-support (~> 3.3.0)
    rspec-support (3.3.0)

PLATFORMS
  ruby

DEPENDENCIES
  bundler (~> 1.10)
  hamster (~> 1.0.0)
  hamster-matrix!
  rake (~> 10.0)
  rspec (~> 3.0, >= 3.0.0)

BUNDLED WITH
   1.10.6
